GEM
  remote: http://rubygems.org/
  specs:
    coderay (1.0.8)
    listen (0.7.2)
    method_source (0.8.1)
    pry (0.9.10)
      coderay (~> 1.0.5)
      method_source (~> 0.8)
      slop (~> 3.3.1)
    rack (1.5.2)
    rack-protection (1.5.0)
      rack
    rerun (0.8.0)
      listen
    sinatra (1.4.2)
      rack (~> 1.5, >= 1.5.2)
      rack-protection (~> 1.4)
      tilt (~> 1.3, >= 1.3.4)
    slop (3.3.3)
    tilt (1.3.7)

PLATFORMS
  ruby

DEPENDENCIES
  pry
  rerun
  sinatra
